GEM
  remote: http://rubygems.org/
  specs:
    blankslate (2.1.2.3)
    configuration (1.2.0)
    diff-lcs (1.1.2)
    flexmock (0.8.11)
    growl (1.0.3)
    guard (0.3.0)
      open_gem (~> 1.4.2)
      thor (~> 0.14.6)
    json (1.4.6)
    launchy (0.3.7)
      configuration (>= 0.0.5)
      rake (>= 0.8.1)
    open_gem (1.4.2)
      launchy (~> 0.3.5)
    rake (0.8.7)
    rdoc (2.4.3)
    rspec (2.4.0)
      rspec-core (~> 2.4.0)
      rspec-expectations (~> 2.4.0)
      rspec-mocks (~> 2.4.0)
    rspec-core (2.4.0)
    rspec-expectations (2.4.0)
      diff-lcs (~> 1.1.2)
    rspec-mocks (2.4.0)
    sdoc (0.2.20)
      json (>= 1.1.3)
      rdoc (= 2.4.3)
    thor (0.14.6)

PLATFORMS
  ruby

DEPENDENCIES
  blankslate (~> 2)
  flexmock
  growl
  guard
  rspec
  sdoc
